{
  "aor": 0.0011434375000000001,
  "aqi": 0.00638083796875,
  "bids_meta": {
    "AcquisitionMatrixPE": 104,
    "AcquisitionNumber": 1,
    "AcquisitionTime": "16:48:12.280000",
    "BandwidthPerPixelPhaseEncode": 17.17,
    "BaseResolution": 104,
    "BodyPartExamined": "BRAIN",
    "CogAtlasID": "trm_4c898da401420",
    "ConsistencyInfo": "N4_VE11C_LATEST_20160120",
    "ConversionSoftware": "dcm2niix",
    "ConversionSoftwareVersion": "v1.0.20171215 (OpenJPEG build) GCC7.3.0",
    "DerivedVendorReportedEchoSpacing": 0.000560011,
    "DeviceSerialNumber": "167006",
    "DwellTime": 2.1e-06,
    "EchoTime": 0.037,
    "EchoTrainLength": 104,
    "EffectiveEchoSpacing": 0.000560011,
    "FlipAngle": 52,
    "ImageComments": "Unaliased_MB4_PE3_LB",
    "ImageOrientationPatientDICOM": [
      0.99963,
      0.0266292,
      -0.00557591,
      -0.0270491,
      0.950716,
      -0.308881
    ],
    "ImageType": [
      "ORIGINAL",
      "PRIMARY",
      "M",
      "MB",
      "ND",
      "MOSAIC"
    ],
    "InPlanePhaseEncodingDirectionDICOM": "COL",
    "InstitutionAddress": "Chemin_Queen-Mary_4565_Montreal_District_CA_H3W_1W5",
    "InstitutionName": "IUGM",
    "InstitutionalDepartmentName": "Department",
    "MRAcquisitionType": "2D",
    "MagneticFieldStrength": 3,
    "Manufacturer": "Siemens",
    "ManufacturersModelName": "Prisma_fit",
    "Modality": "MR",
    "MultibandAccelerationFactor": 4,
    "PartialFourier": 1,
    "PatientPosition": "HFS",
    "PercentPhaseFOV": 100,
    "PhaseEncodingDirection": "j-",
    "PhaseEncodingSteps": 104,
    "PhaseResolution": 1,
    "PixelBandwidth": 2290,
    "ProcedureStepDescription": "video5_generic",
    "ProtocolName": "func_task-life5",
    "PulseSequenceDetails": "%CustomerSeq%_cmrr_mbep2d_bold",
    "ReceiveCoilActiveElements": "HC1-7;NC1,2",
    "ReceiveCoilName": "HeadNeck_64",
    "ReconMatrixPE": 104,
    "RepetitionTime": 1.49,
    "SAR": 0.032475,
    "ScanOptions": "FS",
    "ScanningSequence": "EP",
    "SequenceName": "epfid2d1_104",
    "SequenceVariant": "SK_SS",
    "SeriesDescription": "func_task-life5",
    "SeriesNumber": 15,
    "ShimSetting": [
      626,
      -7150,
      -8819,
      619,
      43,
      171,
      -32,
      -3
    ],
    "SliceThickness": 2,
    "SliceTiming": [
      0,
      0.785,
      0.0975,
      0.8825,
      0.195,
      0.98,
      0.295,
      1.0775,
      0.3925,
      1.175,
      0.49,
      1.275,
      0.5875,
      1.3725,
      0.685,
      0,
      0.785,
      0.0975,
      0.8825,
      0.195,
      0.98,
      0.295,
      1.0775,
      0.3925,
      1.175,
      0.49,
      1.275,
      0.5875,
      1.3725,
      0.685,
      0,
      0.785,
      0.0975,
      0.8825,
      0.195,
      0.98,
      0.295,
      1.0775,
      0.3925,
      1.175,
      0.49,
      1.275,
      0.5875,
      1.3725,
      0.685,
      0,
      0.785,
      0.0975,
      0.8825,
      0.195,
      0.98,
      0.295,
      1.0775,
      0.3925,
      1.175,
      0.49,
      1.275,
      0.5875,
      1.3725,
      0.685
    ],
    "SoftwareVersions": "syngo_MR_E11",
    "SpacingBetweenSlices": 2,
    "StationName": "MRC35049",
    "TaskName": "life05",
    "TotalReadoutTime": 0.0576811,
    "TxRefAmp": 213.205,
    "dataset": "<unset>",
    "dcmmeta_affine": [
      [
        -1.9992597103118896,
        -0.05409828573465347,
        0.0058483099564909935,
        110.57872772216797
      ],
      [
        -0.053258463740348816,
        1.901431918144226,
        -0.6178351640701294,
        -65.19776153564453
      ],
      [
        -0.011151829734444618,
        0.6177621483802795,
        1.9021687507629395,
        -66.57614135742188
      ],
      [
        0.0,
        0.0,
        0.0,
        1.0
      ]
    ],
    "dcmmeta_reorient_transform": [
      [
        0.0,
        -1.0,
        0.0,
        103.0
      ],
      [
        1.0,
        0.0,
        0.0,
        0.0
      ],
      [
        0.0,
        0.0,
        1.0,
        0.0
      ],
      [
        0.0,
        0.0,
        0.0,
        1.0
      ]
    ],
    "dcmmeta_shape": [
      104,
      104,
      60,
      384
    ],
    "dcmmeta_slice_dim": 2,
    "dcmmeta_version": 0.6,
    "global": {
      "const": {
        "AcquisitionMatrix": [
          104,
          0,
          0,
          104
        ],
        "AngioFlag": "N",
        "BitsAllocated": 16,
        "BitsStored": 16,
        "BodyPartExamined": "BRAIN",
        "Columns": 832,
        "EchoNumbers": 1,
        "EchoTime": 37.0,
        "EchoTrainLength": 104,
        "FlipAngle": 52.0,
        "HighBit": 15,
        "ImageOrientationPatient": [
          0.99962982807584,
          0.02662923199626,
          -0.0055759146654,
          -0.0270491430448,
          0.95071595318396,
          -0.3088810777986
        ],
        "ImagePositionPatient": [
          -813.04534146319,
          -842.15701720531,
          225.97805217222
        ],
        "ImageType": [
          "ORIGINAL",
          "PRIMARY",
          "M",
          "MB",
          "ND",
          "MOSAIC"
        ],
        "ImagedNucleus": "1H",
        "ImagingFrequency": 123.258292,
        "InPlanePhaseEncodingDirection": "COL",
        "MRAcquisitionType": "2D",
        "MagneticFieldStrength": 3.0,
        "Manufacturer": "SIEMENS",
        "ManufacturerModelName": "Prisma_fit",
        "Modality": "MR",
        "NumberOfAverages": 1.0,
        "NumberOfPhaseEncodingSteps": 104,
        "PercentPhaseFieldOfView": 100.0,
        "PercentSampling": 100.0,
        "PerformedProcedureStepStartTime": "155148.435000",
        "PhotometricInterpretation": "MONOCHROME2",
        "PixelBandwidth": 2290.0,
        "PixelRepresentation": 0,
        "PixelSpacing": [
          2.0,
          2.0
        ],
        "ProtocolName": "func_task-life5",
        "RepetitionTime": 1490.0,
        "Rows": 832,
        "SAR": 0.03247497065875,
        "SamplesPerPixel": 1,
        "ScanOptions": "FS",
        "ScanningSequence": "EP",
        "SequenceName": "epfid2d1_104",
        "SequenceVariant": [
          "SK",
          "SS"
        ],
        "SeriesDescription": "func_task-life5",
        "SeriesNumber": 15,
        "SeriesTime": "164932.075000",
        "SliceLocation": -42.855439735728,
        "SliceThickness": 2.0,
        "SmallestImagePixelValue": 0,
        "SoftwareVersions": "syngo MR E11",
        "SpacingBetweenSlices": 2.0000000773507,
        "SpecificCharacterSet": "ISO_IR 100",
        "StudyID": "1",
        "StudyTime": "155148.372000",
        "TransmitCoilName": "Body",
        "VariableFlipAngleFlag": "N",
        "WindowCenterWidthExplanation": "Algo1",
        "dBdt": 0.0
      },
