{
  "aor": 0.0004250134048257372,
  "aqi": 0.007233067372654156,
  "bids_meta": {
    "AcquisitionMatrixPE": 104,
    "AcquisitionNumber": 1,
    "AcquisitionTime": "15:07:8.577500",
    "BandwidthPerPixelPhaseEncode": 17.17,
    "BaseResolution": 104,
    "BodyPartExamined": "BRAIN",
    "CogAtlasID": "trm_4c898da401420",
    "ConsistencyInfo": "N4_VE11C_LATEST_20160120",
    "ConversionSoftware": "dcm2niix",
    "ConversionSoftwareVersion": "v1.0.20171215 (OpenJPEG build) GCC7.3.0",
    "DerivedVendorReportedEchoSpacing": 0.000560011,
    "DeviceSerialNumber": "167006",
    "DwellTime": 2.1e-06,
    "EchoTime": 0.037,
    "EchoTrainLength": 104,
    "EffectiveEchoSpacing": 0.000560011,
    "FlipAngle": 52,
    "ImageComments": "Unaliased_MB4_PE3_LB",
    "ImageOrientationPatientDICOM": [
      0.99912,
      0.04137,
      -0.00686084,
      -0.0415262,
      0.953257,
      -0.299294
    ],
    "ImageType": [
      "ORIGINAL",
      "PRIMARY",
      "M",
      "MB",
      "ND",
      "MOSAIC"
    ],
    "InPlanePhaseEncodingDirectionDICOM": "COL",
    "InstitutionAddress": "Chemin_Queen-Mary_4565_Montreal_District_CA_H3W_1W5",
    "InstitutionName": "IUGM",
    "InstitutionalDepartmentName": "Department",
    "MRAcquisitionType": "2D",
    "MagneticFieldStrength": 3,
    "Manufacturer": "Siemens",
    "ManufacturersModelName": "Prisma_fit",
    "Modality": "MR",
    "MultibandAccelerationFactor": 4,
    "PartialFourier": 1,
    "PatientPosition": "HFS",
    "PercentPhaseFOV": 100,
    "PhaseEncodingDirection": "j-",
    "PhaseEncodingSteps": 104,
    "PhaseResolution": 1,
    "PixelBandwidth": 2290,
    "ProcedureStepDescription": "video5_generic",
    "ProtocolName": "func_task-figures12",
    "PulseSequenceDetails": "%CustomerSeq%_cmrr_mbep2d_bold",
    "ReceiveCoilActiveElements": "HC1-7;NC1,2",
    "ReceiveCoilName": "HeadNeck_64",
    "ReconMatrixPE": 104,
    "RepetitionTime": 1.49,
    "SAR": 0.0301011,
    "ScanOptions": "FS",
    "ScanningSequence": "EP",
    "SequenceName": "epfid2d1_104",
    "SequenceVariant": "SK_SS",
    "SeriesDescription": "func_task-figures12",
    "SeriesNumber": 11,
    "ShimSetting": [
      624,
      -7151,
      -8827,
      657,
      40,
      189,
      0,
      3
    ],
    "SliceThickness": 2,
    "SliceTiming": [
      0,
      0.785,
      0.0975,
      0.8825,
      0.195,
      0.98,
      0.295,
      1.0775,
      0.3925,
      1.175,
      0.49,
      1.275,
      0.5875,
      1.3725,
      0.685,
      0,
      0.785,
      0.0975,
      0.8825,
      0.195,
      0.98,
      0.295,
      1.0775,
      0.3925,
      1.175,
      0.49,
      1.275,
      0.5875,
      1.3725,
      0.685,
      0,
      0.785,
      0.0975,
      0.8825,
      0.195,
      0.98,
      0.295,
      1.0775,
      0.3925,
      1.175,
      0.49,
      1.275,
      0.5875,
      1.3725,
      0.685,
      0,
      0.785,
      0.0975,
      0.8825,
      0.195,
      0.98,
      0.295,
      1.0775,
      0.3925,
      1.175,
      0.49,
      1.275,
      0.5875,
      1.3725,
      0.685
    ],
    "SoftwareVersions": "syngo_MR_E11",
    "SpacingBetweenSlices": 2,
    "StationName": "MRC35049",
    "TaskName": "figures12",
    "TotalReadoutTime": 0.0576811,
    "TxRefAmp": 209.629,
    "dataset": "<unset>",
    "dcmmeta_affine": [
      [
        -1.9982407093048096,
        -0.08305232226848602,
        0.01168330479413271,
        111.93883514404297
      ],
      [
        -0.08273997157812119,
        1.9065136909484863,
        -0.5986316800117493,
        -73.27394104003906
      ],
      [
        -0.013721683993935585,
        0.5985884070396423,
        1.908272385597229,
        -70.48446655273438
      ],
      [
        0.0,
        0.0,
        0.0,
        1.0
      ]
    ],
    "dcmmeta_reorient_transform": [
      [
        0.0,
        -1.0,
        0.0,
        103.0
      ],
      [
        1.0,
        0.0,
        0.0,
        0.0
      ],
      [
        0.0,
        0.0,
        1.0,
        0.0
      ],
      [
        0.0,
        0.0,
        0.0,
        1.0
      ]
    ],
    "dcmmeta_shape": [
      104,
      104,
      60,
      373
    ],
    "dcmmeta_slice_dim": 2,
    "dcmmeta_version": 0.6,
    "global": {
      "const": {
        "AcquisitionMatrix": [
          104,
          0,
          0,
          104
        ],
        "AngioFlag": "N",
        "BitsAllocated": 16,
        "BitsStored": 16,
        "BodyPartExamined": "BRAIN",
        "Columns": 832,
        "EchoNumbers": 1,
        "EchoTime": 37.0,
        "EchoTrainLength": 104,
        "FlipAngle": 52.0,
        "HighBit": 15,
        "ImageOrientationPatient": [
          0.99912033966805,
          0.04136998562052,
          -0.0068608418838,
          -0.0415261599076,
          0.95325681642148,
          -0.2992942030667
        ],
        "ImagePositionPatient": [
          -800.51301240689,
          -847.18527818383,
          214.05101448859
        ],
        "ImageType": [
          "ORIGINAL",
          "PRIMARY",
          "M",
          "MB",
          "ND",
          "MOSAIC"
        ],
        "ImagedNucleus": "1H",
        "ImagingFrequency": 123.2593,
        "InPlanePhaseEncodingDirection": "COL",
        "MRAcquisitionType": "2D",
        "MagneticFieldStrength": 3.0,
        "Manufacturer": "SIEMENS",
        "ManufacturerModelName": "Prisma_fit",
        "Modality": "MR",
        "NumberOfAverages": 1.0,
        "NumberOfPhaseEncodingSteps": 104,
        "PercentPhaseFieldOfView": 100.0,
        "PercentSampling": 100.0,
        "PerformedProcedureStepStartTime": "142920.275000",
        "PhotometricInterpretation": "MONOCHROME2",
        "PixelBandwidth": 2290.0,
        "PixelRepresentation": 0,
        "PixelSpacing": [
          2.0,
          2.0
        ],
        "ProtocolName": "func_task-figures12",
        "RepetitionTime": 1490.0,
        "Rows": 832,
        "SAR": 0.03010113656278,
        "SamplesPerPixel": 1,
        "ScanOptions": "FS",
        "ScanningSequence": "EP",
        "SequenceName": "epfid2d1_104",
        "SequenceVariant": [
          "SK",
          "SS"
        ],
        "SeriesDescription": "func_task-figures12",
        "SeriesNumber": 11,
        "SeriesTime": "150828.656000",
        "SliceLocation": -44.665822110085,
        "SliceThickness": 2.0,
        "SmallestImagePixelValue": 0,
        "SoftwareVersions": "syngo MR E11",
        "SpacingBetweenSlices": 2.0000000150826,
        "SpecificCharacterSet": "ISO_IR 100",
        "StudyID": "1",
        "StudyTime": "142920.208000",
        "TransmitCoilName": "Body",
        "VariableFlipAngleFlag": "N",
        "WindowCenterWidthExplanation": "Algo1",
        "dBdt": 0.0
      },
